GEM
  remote: https://rubygems.org/
  specs:
    actionmailer (3.2.13)
      actionpack (= 3.2.13)
      mail (~> 2.5.3)
    actionpack (3.2.13)
      activemodel (= 3.2.13)
      activesupport (= 3.2.13)
      builder (~> 3.0.0)
      erubis (~> 2.7.0)
      journey (~> 1.0.4)
      rack (~> 1.4.5)
      rack-cache (~> 1.2)
      rack-test (~> 0.6.1)
      sprockets (~> 2.2.1)
    activemodel (3.2.13)
      activesupport (= 3.2.13)
      builder (~> 3.0.0)
    activerecord (3.2.13)
      activemodel (= 3.2.13)
      activesupport (= 3.2.13)
      arel (~> 3.0.2)
      tzinfo (~> 0.3.29)
    activeresource (3.2.13)
      activemodel (= 3.2.13)
      activesupport (= 3.2.13)
    activesupport (3.2.13)
      i18n (= 0.6.1)
      multi_json (~> 1.0)
    arel (3.0.2)
    bourne (1.4.0)
      mocha (~> 0.13.2)
    builder (3.0.4)
    daemons (1.1.9)
    delayed_job (3.0.5)

PLATFORMS
  ruby

DEPENDENCIES
  daemons
  delayed_job (~> 3.0)
  delayed_job_active_record (~> 0.3.3)
  execjs
  factory_girl (< 3.0)
  fastercsv
  haml (~> 3.1.8)
  haml-rails (~> 0.3.5)
  inherited_resources (~> 1.0)
  jquery-rails (~> 2.1)
  json_pure
  mocha (~> 0.13.3)
  mysql2 (~> 0.3.11)
  pg (~> 0.15)
  rack
  rails (~> 3.2)
  rake (~> 0.9.3)
  rspec-html-matchers
  rspec-rails
  sass-rails (~> 3.2)
  shoulda-matchers
  sqlite3
  system_timer
  thin
  timeline_fu (~> 0.3.0)
  uglifier (~> 1.0)
  will_paginate (~> 3.0)
